GEM
  remote: http://rubygems.org/
  specs:
    addressable (2.3.5)
    byebug (2.7.0)
      columnize (~> 0.3)
      debugger-linecache (~> 1.2)
    columnize (0.3.6)
    debugger-linecache (1.2.0)
    httparty (0.10.0)
      multi_json (~> 1.0)
      multi_xml
    json (1.8.1)
    multi_json (1.8.4)
    multi_xml (0.5.5)
    rack (1.5.2)
    rack-protection (1.5.2)
      rack
    sinatra (1.4.4)
      rack (~> 1.4)
      rack-protection (~> 1.4)
      tilt (~> 1.3, >= 1.3.4)
    tilt (1.4.1)

PLATFORMS
  ruby

DEPENDENCIES
  addressable
  byebug
  httparty
  json
  sinatra
