GEM
  remote: https://rubygems.org/
  specs:
    addressable (2.4.0)
    byebug (8.2.2)
    httparty (0.13.7)
      json (~> 1.8)
      multi_xml (>= 0.5.2)
    json (1.8.3)
    multi_xml (0.5.5)
    rack (1.6.4)
    rack-protection (1.5.5)
      rack
    rack-test (0.6.3)
      rack (>= 1.0)
    sinatra (1.4.7)
      rack (~> 1.5)
      rack-protection (~> 1.4)
      tilt (>= 1.3, < 3)
    tilt (2.0.2)

PLATFORMS
  ruby

DEPENDENCIES
  addressable
  byebug
  httparty
  json
  rack-test
  sinatra

BUNDLED WITH
   1.15.2

RUBY VERSION
   ruby 2.1.8p440
